GEM
  remote: https://rubygems.org/
  specs:
    csv (3.2.6)
    date (3.3.3)
    nokogiri (1.14.0-x86_64-darwin)
      racc (~> 1.4)
    open-uri (0.3.0)
      stringio
      time
      uri
    racc (1.6.2)
    rexml (3.2.5)
    rubyzip (2.3.2)
    selenium-webdriver (4.7.1)
      rexml (~> 3.2, >= 3.2.5)
      rubyzip (>= 1.2.2, < 3.0)
      websocket (~> 1.0)
    stringio (3.0.4)
    time (0.2.1)
      date
    uri (0.12.0)
    websocket (1.2.9)

PLATFORMS
  x86_64-darwin-20

DEPENDENCIES
  csv
  nokogiri
  open-uri
  selenium-webdriver (~> 4.4)

BUNDLED WITH
   2.4.3
