GEM
  remote: https://rubygems.org/
  specs:
    rexml (3.2.5)
    rubyzip (2.3.2)
    selenium-webdriver (4.7.1)
      rexml (~> 3.2, >= 3.2.5)
      rubyzip (>= 1.2.2, < 3.0)
      websocket (~> 1.0)
    websocket (1.2.9)

PLATFORMS
  x86_64-darwin-20

DEPENDENCIES
  selenium-webdriver (~> 4.4)

BUNDLED WITH
   2.4.3
